GIT
  remote: https://github.com/romanbsd/rb-gsl.git
  revision: fd601dfcd0b05319fa8f66f1e73cd711d5ba9ed9
  specs:
    gsl (1.14.7)
      narray (>= 0.5.9)

GEM
  remote: http://rubygems.org/
  specs:
    activesupport (3.2.14)
      i18n (~> 0.6, >= 0.6.4)
      multi_json (~> 1.0)
    classifier (1.3.3)
      fast-stemmer (>= 1.0.0)
    clipboard (1.0.5)
    coderay (1.1.0)
    coffee-script (2.2.0)
      coffee-script-source
      execjs
    coffee-script-source (1.6.3)
    colorator (0.1)
    commander (4.1.5)
      highline (~> 1.6.11)
    directory_watcher (1.4.1)
    em-dir-watcher (0.9.4)
    eventmachine (1.0.3)
    execjs (2.0.1)
    fast-stemmer (1.0.2)
    ffi (1.9.0)
    guard (1.4.0)
      listen (>= 0.4.2)
      thor (>= 0.14.6)
    haml (4.0.3)
      tilt
    highline (1.6.19)
    hpricot (0.8.6)
    i18n (0.6.5)
    inflection (1.0.0)
    jekyll (1.2.0)
      classifier (~> 1.3)
      colorator (~> 0.1)
      commander (~> 4.1.3)
      directory_watcher (~> 1.4.1)
      liquid (~> 2.5.1)
      maruku (~> 0.5)
      pygments.rb (~> 0.5.0)
      redcarpet (~> 2.2.2)
      safe_yaml (~> 0.7.0)
    liquid (2.5.2)
    listen (1.3.1)
      rb-fsevent (>= 0.9.3)
      rb-inotify (>= 0.9)
      rb-kqueue (>= 0.2)
    maruku (0.6.1)
      syntax (>= 1.0.0)
    mini_portile (0.5.1)
    multi_json (1.7.9)
    narray (0.6.0.8)
    nokogiri (1.6.0)
      mini_portile (~> 0.5.0)
    posix-spawn (0.3.6)
    pygments.rb (0.5.2)
      posix-spawn (~> 0.3.6)
      yajl-ruby (~> 1.1.0)
    rack (1.5.2)
    rack-protection (1.5.0)
      rack
    rack-test (0.6.2)
      rack (>= 1.0)
    rake (10.1.0)
    rb-fsevent (0.9.3)
    rb-inotify (0.9.1)
      ffi (>= 0.5.0)
    rb-kqueue (0.2.0)
      ffi (>= 0.5.0)
    redcarpet (2.2.2)
    rouge (0.5.0)
      thor
    rubypants (0.2.0)
    safe_yaml (0.7.1)
    sass (3.2.10)
    serve (1.5.1)
      activesupport (~> 3.0)
      i18n
      rack (~> 1.2)
      rack-test (~> 0.5)
      tilt (~> 1.3)
      tzinfo
    sinatra (1.4.3)
      rack (~> 1.4)
      rack-protection (~> 1.4)
      tilt (~> 1.3, >= 1.3.4)
    stringex (2.0.11)
    stylus (0.7.2)
      execjs
      stylus-source
    stylus-source (0.34.1)
    syntax (1.0.0)
    thor (0.18.1)
    tilt (1.4.1)
    tzinfo (1.0.1)
    yajl-ruby (1.1.0)

PLATFORMS
  ruby

DEPENDENCIES
  clipboard
  coderay
  coffee-script
  em-dir-watcher
  eventmachine
  gsl!
  guard
  haml
  hpricot
  inflection
  jekyll (~> 1.2.0)
  nokogiri
  pygments.rb
  rake (~> 10.1.0)
  redcarpet (~> 2.2.2)
  rouge
  rubypants
  sass
  serve
  sinatra (~> 1.4.3)
  stringex
  stylus
  tilt
