GIT
  remote: https://github.com/romanbsd/rb-gsl.git
  revision: 8c012d6199fd08fe60d60ceb4a7021fc3c0be7a6
  specs:
    gsl (1.14.7)
      narray (>= 0.5.9)

GEM
  remote: https://rubygems.org/
  specs:
    activesupport (3.2.15)
      i18n (~> 0.6, >= 0.6.4)
      multi_json (~> 1.0)
    atomic (1.1.14)
    celluloid (0.15.2)
      timers (~> 1.1.0)
    classifier (1.3.3)
      fast-stemmer (>= 1.0.0)
    clipboard (1.0.5)
    coderay (1.1.0)
    coffee-script (2.2.0)
      coffee-script-source
      execjs
    coffee-script-source (1.6.3)
    colorator (0.1)
    commander (4.1.5)
      highline (~> 1.6.11)
    directory_watcher (1.4.1)
    em-dir-watcher (0.9.4)
    eventmachine (1.0.3)
    execjs (2.0.2)
    fast-stemmer (1.0.2)
    ffi (1.9.3)
    formatador (0.2.4)
    guard (2.2.4)
      formatador (>= 0.2.4)
      listen (~> 2.1)
      lumberjack (~> 1.0)
      pry (>= 0.9.12)
      thor (>= 0.18.1)
    haml (4.0.4)
      tilt
    highline (1.6.20)
    hpricot (0.8.6)
    i18n (0.6.5)
    inflection (1.0.0)
    jekyll (1.2.0)
      classifier (~> 1.3)
      colorator (~> 0.1)
      commander (~> 4.1.3)
      directory_watcher (~> 1.4.1)
      liquid (~> 2.5.1)
      maruku (~> 0.5)
      pygments.rb (~> 0.5.0)
      redcarpet (~> 2.2.2)
      safe_yaml (~> 0.7.0)
    liquid (2.5.4)
    listen (2.2.0)
      celluloid (>= 0.15.2)
      rb-fsevent (>= 0.9.3)
      rb-inotify (>= 0.9)
    lumberjack (1.0.4)
    maruku (0.7.0)
    method_source (0.8.2)
    mini_portile (0.5.2)
    multi_json (1.8.2)
    narray (0.6.0.8)
    nokogiri (1.6.0)
      mini_portile (~> 0.5.0)
    posix-spawn (0.3.6)
    pry (0.9.12.4)
      coderay (~> 1.0)
      method_source (~> 0.8)
      slop (~> 3.4)
    pygments.rb (0.5.4)
      posix-spawn (~> 0.3.6)
      yajl-ruby (~> 1.1.0)
    rack (1.5.2)
    rack-protection (1.5.1)
      rack
    rack-test (0.6.2)
      rack (>= 1.0)
    rake (10.1.0)
    rb-fsevent (0.9.3)
    rb-inotify (0.9.2)
      ffi (>= 0.5.0)
    redcarpet (2.2.2)
    rouge (1.2.0)
    rubypants (0.2.0)
    safe_yaml (0.7.1)
    sass (3.2.12)
    serve (1.5.2)
      activesupport (~> 3.2.12)
      i18n
      rack (~> 1.5.2)
      rack-test (~> 0.6.2)
      tilt (~> 1.3.3)
      tzinfo
    sinatra (1.4.4)
      rack (~> 1.4)
      rack-protection (~> 1.4)
      tilt (~> 1.3, >= 1.3.4)
    slop (3.4.7)
    stringex (2.1.2)
    stylus (1.0.0)
      execjs
      stylus-source
    stylus-source (0.38.0)
    thor (0.18.1)
    thread_safe (0.1.3)
      atomic
    tilt (1.3.7)
    timers (1.1.0)
    tzinfo (1.1.0)
      thread_safe (~> 0.1)
    yajl-ruby (1.1.0)

PLATFORMS
  ruby

DEPENDENCIES
  clipboard
  coderay
  coffee-script
  em-dir-watcher
  eventmachine
  gsl!
  guard
  haml
  hpricot
  inflection
  jekyll (~> 1.2.0)
  nokogiri
  pygments.rb
  rake (~> 10.1.0)
  redcarpet (~> 2.2.2)
  rouge
  rubypants
  sass
  serve (>= 1.5)
  sinatra (~> 1.4.3)
  stringex
  stylus
  tilt
